GEM
  remote: http://rubygems.org/
  specs:
    beefcake (0.3.7)
    builder (3.2.2)
    columnize (0.3.6)
    debugger (1.2.0)
      columnize (>= 0.3.1)
      debugger-linecache (~> 1.1.1)
      debugger-ruby_core_source (~> 1.1.3)
    debugger-linecache (1.1.2)
      debugger-ruby_core_source (>= 1.1.1)
    debugger-ruby_core_source (1.1.3)
    haml (3.1.7)
    i18n (0.6.9)
    innertube (1.0.2)
    multi_json (1.8.4)
    rack (1.4.1)
    rack-protection (1.2.0)
      rack
    riak-client (1.4.3)
      beefcake (~> 0.3.7)
      builder (>= 2.1.2)
      i18n (>= 0.4.0)
      innertube (~> 1.0.2)
      multi_json (~> 1.0)
    sass (3.2.1)
    shotgun (0.9)
      rack (>= 1.0)
    sinatra (1.3.3)
      rack (~> 1.3, >= 1.3.6)
      rack-protection (~> 1.2)
      tilt (~> 1.3, >= 1.3.3)
    tilt (1.3.3)

PLATFORMS
  ruby

DEPENDENCIES
  debugger
  haml
  riak-client
  sass
  shotgun
  sinatra
